GEM
  remote: https://rubygems.org/
  specs:
    iodine (0.6.5)
      rack (>= 1.0, < 3.0)
    plezi (0.16.0)
      bundler (~> 1.14)
      iodine (>= 0.6.0, < 0.7.0)
      rack (>= 2.0.0)
    rack (2.0.5)

PLATFORMS
  ruby

DEPENDENCIES
  plezi (~> 0.16.0)

RUBY VERSION
   ruby 2.5.1p57

BUNDLED WITH
   1.16.2
